GEM
  remote: https://rubygems.org/
  specs:
    Ascii85 (1.0.3)
    afm (0.2.2)
    cmdparse (3.0.6)
    hashery (2.1.2)
    hexapdf (0.6.0)
      cmdparse (~> 3.0, >= 3.0.3)
    identikal (0.1.2)
      hexapdf (~> 0.6.0)
      pdf-reader (~> 2.2.0)
    pdf-reader (2.2.1)
      Ascii85 (~> 1.0.0)
      afm (~> 0.2.1)
      hashery (~> 2.0)
      ruby-rc4
      ttfunk
    power_assert (1.1.7)
    rake (13.0.1)
    ruby-rc4 (0.1.5)
    test-unit (3.3.4)
      power_assert
    ttfunk (1.6.2.1)

PLATFORMS
  ruby

DEPENDENCIES
  identikal
  rake
  test-unit

BUNDLED WITH
   2.1.4
